GEM
  remote: https://rubygems.org/
  specs:
    diff-lcs (1.3)
    json (2.0.4)
    mustermann (1.0.3)
    passenger (6.0.0)
      rack
      rake (>= 0.8.1)
    power_assert (1.1.3)
    rack (2.0.6)
    rack-protection (2.0.4)
      rack
    rack-test (0.6.3)
      rack (>= 1.0)
    rake (12.3.2)
    rspec (3.8.0)
      rspec-core (~> 3.8.0)
      rspec-expectations (~> 3.8.0)
      rspec-mocks (~> 3.8.0)
    rspec-core (3.8.0)
      rspec-support (~> 3.8.0)
    rspec-expectations (3.8.2)
      diff-lcs (>= 1.2.0, < 2.0)
      rspec-support (~> 3.8.0)
    rspec-mocks (3.8.0)
      diff-lcs (>= 1.2.0, < 2.0)
      rspec-support (~> 3.8.0)
    rspec-support (3.8.0)
    sinatra (2.0.4)
      mustermann (~> 1.0)
      rack (~> 2.0)
      rack-protection (= 2.0.4)
      tilt (~> 2.0)
    test-unit (3.2.9)
      power_assert
    tilt (2.0.8)

PLATFORMS
  ruby

DEPENDENCIES
  json (~> 2.0.0)
  passenger
  rack-test (~> 0.6.2)
  rspec
  sinatra (~> 2.0.0)
  test-unit

BUNDLED WITH
   1.16.4
